ObjectType = Image
NDims = 3
BinaryData = True
BinaryDataByteOrderMSB = True
DimSize = 320 320 30
ElementSize = 0.8125 0.8125 5.151696961501518
ElementType = MET_UCHAR
ElementDataFile = t1_tse_tra_p2_320.raw
