ObjectType = Image
NDims = 3
BinaryData = True
BinaryDataByteOrderMSB = True
DimSize = 320 320 60
ElementSize = 0.6875 0.6875 1.6860099989792414
ElementType = MET_UCHAR
ElementDataFile = t2_tse_tra_320_p2_60.raw
