ObjectType = Image
NDims = 3
BinaryData = True
BinaryDataByteOrderMSB = True
DimSize = 320 320 150
ElementSize = 0.6875 0.6875 0.6744039995916966
ElementType = MET_UCHAR
ElementDataFile = t2_tse_tra_320_p2_150.raw
